PATH
  remote: .
  specs:
    bunny_eater (0.1.0)
      aws-sdk-s3
      bunny (~> 2.9.0)

GEM
  remote: https://rubygems.org/
  specs:
    amq-protocol (2.3.0)
    aws-partitions (1.63.0)
    aws-sdk-core (3.15.0)
      aws-partitions (~> 1.0)
      aws-sigv4 (~> 1.0)
      jmespath (~> 1.0)
    aws-sdk-kms (1.5.0)
      aws-sdk-core (~> 3)
      aws-sigv4 (~> 1.0)
    aws-sdk-s3 (1.8.1)
      aws-sdk-core (~> 3)
      aws-sdk-kms (~> 1)
      aws-sigv4 (~> 1.0)
    aws-sigv4 (1.0.2)
    bunny (2.9.1)
      amq-protocol (~> 2.3.0)
    bunny-mock (1.7.0)
      bunny (>= 1.7)
    diff-lcs (1.3)
    dotenv (2.2.1)
    jmespath (1.3.1)
    rake (10.5.0)
    rspec (3.7.0)
      rspec-core (~> 3.7.0)
      rspec-expectations (~> 3.7.0)
      rspec-mocks (~> 3.7.0)
    rspec-core (3.7.1)
      rspec-support (~> 3.7.0)
    rspec-expectations (3.7.0)
      diff-lcs (>= 1.2.0, < 2.0)
      rspec-support (~> 3.7.0)
    rspec-mocks (3.7.0)
      diff-lcs (>= 1.2.0, < 2.0)
      rspec-support (~> 3.7.0)
    rspec-support (3.7.1)

PLATFORMS
  ruby

DEPENDENCIES
  bundler (~> 1.16)
  bunny-mock
  bunny_eater!
  dotenv
  rake (~> 10.0)
  rspec (~> 3.0)

BUNDLED WITH
   1.16.1
